GEM
  remote: https://rubygems.org/
  specs:
    dotenv (2.7.6)
    mustermann (2.0.2)
      ruby2_keywords (~> 0.0.1)
    rack (2.2.6.4)
    rack-protection (2.2.3)
      rack
    ruby2_keywords (0.0.5)
    sinatra (2.2.3)
      mustermann (~> 2.0)
      rack (~> 2.2)
      rack-protection (= 2.2.3)
      tilt (~> 2.0)
    sorbet-runtime (0.5.10741)
    tilt (2.1.0)
    workos (2.12.0)
      sorbet-runtime (~> 0.5)

PLATFORMS
  ruby

DEPENDENCIES
  dotenv (= 2.7.6)
  sinatra (= 2.2.3)
  workos (= 2.12.0)

BUNDLED WITH
   2.3.19
