GEM
  remote: https://rubygems.org/
  specs:
    coderay (1.1.3)
    dotenv (2.7.6)
    method_source (1.0.0)
    mustermann (1.1.2)
      ruby2_keywords (~> 0.0.1)
    pry (0.14.2)
      coderay (~> 1.1)
      method_source (~> 1.0)
    rack (2.2.4)
    rack-protection (2.2.0)
      rack
    ruby2_keywords (0.0.5)
    sinatra (2.2.0)
      mustermann (~> 1.0)
      rack (~> 2.2)
      rack-protection (= 2.2.0)
      tilt (~> 2.0)
    sorbet-runtime (0.5.10667)
    tilt (2.0.11)
    workos (2.9.0)
      sorbet-runtime (~> 0.5)

PLATFORMS
  ruby

DEPENDENCIES
  dotenv (= 2.7.6)
  pry
  sinatra (= 2.2.0)
  workos (= 2.9.0)

BUNDLED WITH
   2.3.19
